GEM
  specs:
    morph_codebreaker (0.1.0)
    rack (2.0.5)

PLATFORMS
  ruby

DEPENDENCIES
  morph_codebreaker
  rack

BUNDLED WITH
   1.16.2
